GEM
  remote: http://rubygems.org/
  specs:
    coderay (0.9.5)
    daemons (1.1.0)
    eventmachine (0.12.10)
    haml (3.0.22)
    nokogiri (1.4.3.1)
    rack (1.2.1)
    rack-codehighlighter (0.4.7)
      nokogiri (>= 1.4.1)
      rack (>= 1.0.0)
    sinatra (1.0)
      rack (>= 1.0)
    thin (1.2.7)
      daemons (>= 1.0.9)
      eventmachine (>= 0.12.6)
      rack (>= 1.0.0)

PLATFORMS
  ruby

DEPENDENCIES
  coderay
  haml
  rack-codehighlighter
  sinatra
  thin
